{"ConversionSoftware":"dicm2nii.m 20211201","SeriesNumber":32,"SeriesDescription":"ep2d_bold_RUN_5","ImageType":["ORIGINAL","PRIMARY","M","ND","NORM","MOSAIC"],"Modality":"MR","AcquisitionDateTime":"20220425123148.845000","TotalReadoutTime":0.043159572,"SliceTiming":[0.82,0,0.8875,0.0675,0.955,0.135,1.025,0.205,1.0925,0.2725,1.1625,0.34,1.23,0.41,1.2975,0.4775,1.3675,0.545,1.435,0.615,1.5025,0.6825,1.5725,0.75,1.64,0.82,0,0.8875,0.0675,0.955,0.135,1.025,0.205,1.0925,0.2725,1.1625,0.34,1.23,0.41,1.2975,0.4775,1.3675,0.545,1.435,0.615,1.5025,0.6825,1.5725,0.75,1.64],"RepetitionTime":1.73,"ParallelReductionFactorInPlane":1,"ParallelAcquisitionTechnique":"SliceAccel","PhaseEncodingDirection":"j-","EffectiveEchoSpacing":0.00051999484,"EchoTime":0.03,"PatientName":"ATTEXP_012","PatientSex":"F","PatientAge":"021Y","PatientSize":1.62,"PatientWeight":63,"PatientPosition":"HFS","SliceThickness":2.5,"FlipAngle":66,"Manufacturer":"SIEMENS","SoftwareVersion":"syngo MR E11","MRAcquisitionType":"2D","InstitutionName":"CIMCYC","InstitutionAddress":"Paseo de la Cartuja StreetNo,Granada,Granada,ES,ZIP","DeviceSerialNumber":"167082","ScanningSequence":"EP","SequenceVariant":"SK","ScanOptions":"FS","SequenceName":"*epfid2d1_84","TaskName":"task-attexp"}