{
	"ConversionSoftware": "dicm2nii.m 20211201",
	"SeriesNumber": 7,
	"SeriesDescription": "gre_field_mapping_2.5mm",
	"ImageType": ["ORIGINAL", "PRIMARY", "P", "ND"],
	"Modality": "MR",
	"AcquisitionDateTime": "20220505152223.727500",
	"TotalReadoutTime": 0.05796,
	"RepetitionTime": 0.52,
	"ParallelReductionFactorInPlane": 1,
	"ParallelAcquisitionTechnique": "none",
	"PhaseEncodingDirection": "j-",
	"EffectiveEchoSpacing": 0.00084,
	"EchoTime1": 0.00492,
	"deltaTE": 2.46,
	"EchoTime2": 0.00738,
	"PatientName": "ATTEXP_022",
	"PatientSex": "M",
	"PatientAge": "023Y",
	"PatientSize": 1.69,
	"PatientWeight": 55,
	"PatientPosition": "HFS",
	"SliceThickness": 2.5,
	"FlipAngle": 60,
	"Manufacturer": "SIEMENS",
	"SoftwareVersion": "syngo MR E11",
	"MRAcquisitionType": "2D",
	"InstitutionName": "CIMCYC",
	"InstitutionAddress": "Paseo de la Cartuja StreetNo,Granada,Granada,ES,ZIP",
	"DeviceSerialNumber": "167082",
	"ScanningSequence": "GR",
	"SequenceVariant": "SP",
	"SequenceName": "*fm2d2r"
}
