{
	"ConversionSoftware": "dicm2nii.m 20211201",
	"SeriesNumber": 5,
	"SeriesDescription": "t2_tse_tra_448_p2_3mm_medico",
	"ImageType": ["ORIGINAL", "PRIMARY", "M", "ND", "NORM"],
	"Modality": "MR",
	"AcquisitionDateTime": "20220713110043.222500",
	"TotalReadoutTime": 0.7523712,
	"RepetitionTime": 3.9,
	"ParallelReductionFactorInPlane": 2,
	"ParallelAcquisitionTechnique": "GRAPPA",
	"PhaseEncodingDirection": "i",
	"EffectiveEchoSpacing": 0.0024192,
	"EchoTime": 0.076,
	"PatientName": "ATTEXP_049",
	"PatientSex": "M",
	"PatientAge": "021Y",
	"PatientSize": 1.83,
	"PatientWeight": 90,
	"PatientPosition": "HFS",
	"SliceThickness": 3,
	"FlipAngle": 120,
	"Manufacturer": "SIEMENS",
	"SoftwareVersion": "syngo MR E11",
	"MRAcquisitionType": "2D",
	"InstitutionName": "CIMCYC",
	"InstitutionAddress": "Paseo de la Cartuja StreetNo,Granada,Granada,ES,ZIP",
	"DeviceSerialNumber": "167082",
	"ScanningSequence": "SE",
	"SequenceVariant": "SK\\SP\\OSP",
	"SequenceName": "*tse2d1_11"
}
