{
	"ConversionSoftware": "dicm2nii.m 20211201",
	"SeriesNumber": 6,
	"SeriesDescription": "gre_field_mapping_2.5mm",
	"ImageType": ["ORIGINAL", "PRIMARY", "M", "ND"],
	"Modality": "MR",
	"AcquisitionDateTime": "20220713110219.160000",
	"TotalReadoutTime": 0.05796,
	"RepetitionTime": 0.52,
	"ParallelReductionFactorInPlane": 1,
	"ParallelAcquisitionTechnique": "none",
	"PhaseEncodingDirection": "j-",
	"EffectiveEchoSpacing": 0.00084,
	"EchoTime": 0.00492,
	"deltaTE": 2.46,
	"PatientName": "ATTEXP_049",
	"PatientSex": "M",
	"PatientAge": "021Y",
	"PatientSize": 1.83,
	"PatientWeight": 90,
	"PatientPosition": "HFS",
	"SliceThickness": 2.5,
	"FlipAngle": 60,
	"Manufacturer": "SIEMENS",
	"SoftwareVersion": "syngo MR E11",
	"MRAcquisitionType": "2D",
	"InstitutionName": "CIMCYC",
	"InstitutionAddress": "Paseo de la Cartuja StreetNo,Granada,Granada,ES,ZIP",
	"DeviceSerialNumber": "167082",
	"ScanningSequence": "GR",
	"SequenceVariant": "SP",
	"SequenceName": "*fm2d2r"
}
