{
	"ConversionSoftware": "dicm2nii.m 20211201",
	"SeriesNumber": 49,
	"SeriesDescription": "GIfMI_T1_MPRAGE",
	"ImageType": ["ORIGINAL", "PRIMARY", "M", "ND", "NORM"],
	"Modality": "MR",
	"AcquisitionDateTime": "20220426113811.047500",
	"RepetitionTime": 2.25,
	"ParallelReductionFactorInPlane": 2,
	"ParallelAcquisitionTechnique": "GRAPPA",
	"PhaseEncodingDirection": "j-",
	"EchoTime": 0.00418,
	"InversionTime": 0.9,
	"PatientName": "ATTEXP_014",
	"PatientSex": "F",
	"PatientAge": "018Y",
	"PatientSize": 1.66,
	"PatientWeight": 52,
	"PatientPosition": "HFS",
	"SliceThickness": 1,
	"FlipAngle": 9,
	"Manufacturer": "SIEMENS",
	"SoftwareVersion": "syngo MR E11",
	"MRAcquisitionType": "3D",
	"InstitutionName": "CIMCYC",
	"InstitutionAddress": "Paseo de la Cartuja StreetNo,Granada,Granada,ES,ZIP",
	"DeviceSerialNumber": "167082",
	"ScanningSequence": "GR\\IR",
	"SequenceVariant": "SK\\SP\\MP",
	"ScanOptions": "IR",
	"SequenceName": "*tfl3d1_16ns"
}
